PATH
  remote: .
  specs:
    spoiler_free_soccer_play_by_play_reports (0.1.0)
      nokogiri (~> 1.8)

GEM
  remote: https://rubygems.org/
  specs:
    coderay (1.1.2)
    method_source (0.9.0)
    mini_portile2 (2.3.0)
    minitest (5.8.5)
    nokogiri (1.8.1)
      mini_portile2 (~> 2.3.0)
    pry (0.11.3)
      coderay (~> 1.1.0)
      method_source (~> 0.9.0)
    rake (10.5.0)

PLATFORMS
  ruby

DEPENDENCIES
  bundler (~> 1.16)
  minitest (~> 5.0)
  pry (~> 0.11.0)
  rake (~> 10.0)
  spoiler_free_soccer_play_by_play_reports!

BUNDLED WITH
   1.16.1
